GIT
  remote: https://github.com/taballa/tablestyle.git
  revision: 5e33b8bd56d7d2236e4a5092321d25d63e1a137b
  branch: master
  specs:
    tablestyle (0.0.3)

GEM
  remote: http://ruby.taobao.org/
  specs:
    chunky_png (1.2.8)
    compass (0.12.2)
      chunky_png (~> 1.2)
      fssm (>= 0.2.7)
      sass (~> 3.1)
    compass-960-plugin (0.10.4)
      compass (>= 0.10.0)
    fssm (0.2.10)
    normalize-scss (2.1.2)
      sass (>= 3.2)
    sass (3.2.9)

PLATFORMS
  x86-mingw32

DEPENDENCIES
  compass-960-plugin (~> 0.10.4)
  normalize-scss (= 2.1.2)
  tablestyle!
