GEM
  remote: http://ruby.taobao.org/
  specs:
    chunky_png (1.2.8)
    compass (0.12.2)
      chunky_png (~> 1.2)
      fssm (>= 0.2.7)
      sass (~> 3.1)
    compass-960-plugin (0.10.4)
      compass (>= 0.10.0)
    fssm (0.2.10)
    sass (3.2.9)

PLATFORMS
  x86-mingw32

DEPENDENCIES
  compass-960-plugin (~> 0.10.4)
